GIT
  remote: git://github.com/MohawkApps/motion_print.git
  revision: 065f9d99991a54fadcbc7cd792a6101162dcbd21
  specs:
    motion_print (0.0.4)

GIT
  remote: git://github.com/infinitered/cdq.git
  revision: a023a6aa38ac9a0543baf426cf55ceae74c05e24
  specs:
    cdq (0.1.11)
      motion-yaml
      ruby-xcdm (~> 0.0, >= 0.0.8)

GEM
  remote: https://rubygems.org/
  specs:
    activesupport (3.2.21)
      i18n (~> 0.6, >= 0.6.4)
      multi_json (~> 1.0)
    bubble-wrap (1.7.1)
      bubble-wrap-http (= 1.7.1)
    bubble-wrap-http (1.7.1)
    builder (3.2.2)
    dbt (1.1.5)
    i18n (0.7.0)
    motion-kit (0.17.0)
      dbt (~> 1.1.5)
    motion-yaml (1.4)
    multi_json (1.10.1)
    plist (3.1.0)
    rake (10.4.2)
    ruby-xcdm (0.0.8)
      activesupport (~> 3.2)
      builder (~> 3.2)
      plist (~> 3.1)
    sugarcube (3.2.0)

PLATFORMS
  ruby

DEPENDENCIES
  bubble-wrap
  cdq!
  motion-kit
  motion_print!
  rake
  sugarcube
