GIT
  remote: git://github.com/infinitered/cdq.git
  revision: 8d6b967e42ee0c949eac1c42ba7e7c92c02fd632
  specs:
    cdq (0.1.11)
      motion-yaml
      ruby-xcdm (~> 0.0, >= 0.0.8)

GEM
  remote: https://rubygems.org/
  specs:
    activesupport (3.2.21)
      i18n (~> 0.6, >= 0.6.4)
      multi_json (~> 1.0)
    bubble-wrap (1.7.1)
      bubble-wrap-http (= 1.7.1)
    bubble-wrap-http (1.7.1)
    builder (3.2.2)
    dbt (1.1.5)
    i18n (0.6.11)
    motion-kit (0.15.0)
      dbt (~> 1.1.5)
    motion-popup (1.1)
    motion-yaml (1.3)
    multi_json (1.10.1)
    plist (3.1.0)
    rake (10.4.2)
    ruby-xcdm (0.0.8)
      activesupport (~> 3.2)
      builder (~> 3.2)
      plist (~> 3.1)
    sugarcube (2.12.3)

PLATFORMS
  ruby

DEPENDENCIES
  bubble-wrap
  cdq!
  motion-kit
  motion-popup
  rake
  sugarcube
